GEM
  remote: http://rubygems.org/
  specs:
    addressable (2.2.5)
    builder (3.0.0)
    chronic_duration (0.9.4)
      numerizer (~> 0.1.1)
    crack (0.1.8)
    dm-aggregates (1.1.0)
      dm-core (~> 1.1.0)
    dm-core (1.1.0)
      addressable (~> 2.2.4)
    dm-migrations (1.1.0)
      dm-core (~> 1.1.0)
    dm-serializer (1.1.0)
      dm-core (~> 1.1.0)
      fastercsv (~> 1.5.4)
      json (~> 1.4.6)
    dm-timestamps (1.1.0)
      dm-core (~> 1.1.0)
    fastercsv (1.5.4)
    httparty (0.7.7)
      crack (= 0.1.8)
    json (1.4.6)
    kbaum-rchardet (1.3)
    meta-spotify (0.1.5)
      crack (>= 0.1.4)
      httparty (>= 0.4.5)
    numerizer (0.1.1)
    rack (1.2.2)
    rack-contrib (1.1.0)
      rack (>= 0.9.1)
    rbrainz (0.5.2)
    sinatra (1.2.6)
      rack (~> 1.1)
      tilt (>= 1.2.2, < 2.0)
    sinatra-respond_to (0.7.0)
      sinatra (~> 1.2)
    tilt (1.3)

PLATFORMS
  ruby

DEPENDENCIES
  builder
  chronic_duration
  dm-aggregates
  dm-core
  dm-migrations
  dm-serializer
  dm-timestamps
  json
  kbaum-rchardet
  meta-spotify
  rack
  rack-contrib
  rbrainz
  sinatra
  sinatra-respond_to
