GEM
  specs:
    addressable (2.2.5)
    builder (3.0.0)
    chronic_duration (0.9.4)
      numerizer (~> 0.1.1)
    crack (0.1.8)
    dm-aggregates (1.0.2)
      dm-core (~> 1.0.2)
    dm-core (1.0.2)
      addressable (~> 2.2)
      extlib (~> 0.9.15)
    dm-migrations (1.0.2)
      dm-core (~> 1.0.2)
    dm-serializer (1.0.2)
      dm-core (~> 1.0.2)
      fastercsv (~> 1.5.3)
      json_pure (~> 1.4)
    dm-timestamps (1.0.2)
      dm-core (~> 1.0.2)
    extlib (0.9.15)
    fastercsv (1.5.4)
    httparty (0.7.7)
      crack (= 0.1.8)
    json (1.5.1)
    json_pure (1.5.1)
    meta-spotify (0.1.5)
      crack (>= 0.1.4)
      httparty (>= 0.4.5)
    numerizer (0.1.1)
    rack (1.2.2)
    rack-rack-contrib (0.9.2)
      rack (>= 0.9.1)
      test-spec (~> 0.9.0)
    rbrainz (0.5.1)
    rchardet (1.3)
    sinatra (1.2.3)
      rack (~> 1.1)
      tilt (< 2.0, >= 1.2.2)
    sinatra-respond_to (0.7.0)
      sinatra (~> 1.2)
    test-spec (0.9.0)
    tilt (1.3)

PLATFORMS
  ruby

DEPENDENCIES
  builder
  chronic_duration
  dm-aggregates
  dm-core
  dm-migrations
  dm-serializer
  dm-timestamps
  json
  meta-spotify
  rack
  rack-rack-contrib
  rbrainz
  rchardet
  sinatra
  sinatra-respond_to
