GEM
  remote: http://rubygems.org/
  specs:
    activesupport (3.1.3)
      multi_json (~> 1.0)
    addressable (2.2.6)
    beanstalk-client (1.1.1)
    builder (3.0.0)
    chronic (0.6.6)
    chronic_duration (0.9.6)
      numerizer (~> 0.1.1)
    crack (0.3.1)
    daemons (1.1.4)
    data_objects (0.10.7)
      addressable (~> 2.1)
    delayed_job (2.1.4)
      activesupport (~> 3.0)
      daemons
    delayed_job_data_mapper (1.0.0.rc)
      delayed_job (~> 2.1)
      dm-aggregates
      dm-core
      dm-observer
    dm-aggregates (1.2.0)
      dm-core (~> 1.2.0)
    dm-core (1.2.0)
      addressable (~> 2.2.6)
    dm-do-adapter (1.2.0)
      data_objects (~> 0.10.6)
      dm-core (~> 1.2.0)
    dm-migrations (1.2.0)
      dm-core (~> 1.2.0)
    dm-mysql-adapter (1.2.0)
      dm-do-adapter (~> 1.2.0)
      do_mysql (~> 0.10.6)
    dm-observer (1.2.0)
      dm-core (~> 1.2.0)
    dm-serializer (1.2.1)
      dm-core (~> 1.2.0)
      fastercsv (~> 1.5.4)
      json (~> 1.6.1)
      json_pure (~> 1.6.1)
      multi_json (~> 1.0.3)
    dm-timestamps (1.2.0)
      dm-core (~> 1.2.0)
    do_mysql (0.10.7)
      data_objects (= 0.10.7)
    fastercsv (1.5.4)
    foreman (0.27.0)
      term-ansicolor (~> 1.0.5)
      thor (>= 0.13.6)
    httparty (0.5.0)
      crack (>= 0.1.1)
    i18n (0.6.0)
    json (1.6.3)
    json_pure (1.6.3)
    memcached (1.3.5)
    meta-spotify (0.1.6)
      crack (>= 0.1.4)
      httparty (>= 0.4.5, < 0.8)
    mime-types (1.17.2)
    multi_json (1.0.4)
    newrelic_rpm (3.3.0)
    numerizer (0.1.1)
    rack (1.3.5)
    rack-contrib (1.1.0)
      rack (>= 0.9.1)
    rack-cors (0.2.4)
      rack
    rack-protection (1.1.4)
      rack
    rack-throttle (0.3.0)
      rack (>= 1.0.0)
    rbrainz (0.5.2)
    rchardet19 (1.3.5)
    rest-client (1.6.7)
      mime-types (>= 1.16)
    sinatra (1.3.1)
      rack (~> 1.3, >= 1.3.4)
      rack-protection (~> 1.1, >= 1.1.2)
      tilt (~> 1.3, >= 1.3.3)
    sinatra-respond_to (0.8.0)
      sinatra (~> 1.3)
    stalker (0.9.0)
      beanstalk-client
      json_pure
    term-ansicolor (1.0.7)
    thor (0.14.6)
    tilt (1.3.3)
    yajl-ruby (1.1.0)

PLATFORMS
  ruby

DEPENDENCIES
  builder
  chronic
  chronic_duration
  crack
  delayed_job
  delayed_job_data_mapper
  dm-aggregates
  dm-core
  dm-migrations
  dm-mysql-adapter
  dm-serializer
  dm-timestamps
  foreman
  i18n
  json
  memcached
  meta-spotify
  newrelic_rpm
  rack
  rack-contrib
  rack-cors
  rack-throttle
  rbrainz
  rchardet19
  rest-client
  sinatra
  sinatra-respond_to
  stalker
  yajl-ruby
