GEM
  remote: http://rubygems.org/
  specs:
    addressable (2.2.6)
    beanstalk-client (1.1.1)
    builder (3.0.0)
    chronic (0.6.6)
    chronic_duration (0.9.6)
      numerizer (~> 0.1.1)
    crack (0.3.1)
    data_objects (0.10.7)
      addressable (~> 2.1)
    dm-aggregates (1.2.0)
      dm-core (~> 1.2.0)
    dm-core (1.2.0)
      addressable (~> 2.2.6)
    dm-do-adapter (1.2.0)
      data_objects (~> 0.10.6)
      dm-core (~> 1.2.0)
    dm-migrations (1.2.0)
      dm-core (~> 1.2.0)
    dm-mysql-adapter (1.2.0)
      dm-do-adapter (~> 1.2.0)
      do_mysql (~> 0.10.6)
    dm-serializer (1.2.1)
      dm-core (~> 1.2.0)
      fastercsv (~> 1.5.4)
      json (~> 1.6.1)
      json_pure (~> 1.6.1)
      multi_json (~> 1.0.3)
    dm-timestamps (1.2.0)
      dm-core (~> 1.2.0)
    do_mysql (0.10.7)
      data_objects (= 0.10.7)
    fastercsv (1.5.4)
    i18n (0.6.0)
    json (1.6.3)
    json_pure (1.6.3)
    memcached (1.3.5)
    mime-types (1.17.2)
    multi_json (1.0.4)
    newrelic_rpm (3.3.1)
    numerizer (0.1.1)
    rack (1.3.5)
    rack-contrib (1.1.0)
      rack (>= 0.9.1)
    rack-throttle (0.3.0)
      rack (>= 1.0.0)
    rbrainz (0.5.2)
    rchardet19 (1.3.5)
    rest-client (1.6.7)
      mime-types (>= 1.16)
    sinatra (1.2.8)
      rack (~> 1.1)
      tilt (>= 1.2.2, < 2.0)
    sinatra-respond_to (0.7.0)
      sinatra (~> 1.2)
    stalker (0.9.0)
      beanstalk-client
      json_pure
    tilt (1.3.3)
    yajl-ruby (1.1.0)

PLATFORMS
  ruby

DEPENDENCIES
  builder
  chronic
  chronic_duration
  crack
  dm-aggregates
  dm-core
  dm-migrations
  dm-mysql-adapter
  dm-serializer
  dm-timestamps
  i18n
  json
  memcached
  newrelic_rpm
  rack
  rack-contrib
  rack-throttle
  rbrainz
  rchardet19
  rest-client
  sinatra (= 1.2.8)
  sinatra-respond_to (= 0.7.0)
  stalker
  yajl-ruby
